GEM
  remote: http://rubygems.org/
  specs:
    color (1.4.1)
    domain_name (0.5.6)
      unf (~> 0.0.3)
    fastercsv (1.5.5)
    httparty (0.9.0)
      multi_json (~> 1.0)
      multi_xml
    ipaddress (0.8.0)
    kramdown (0.14.0)
    mechanize (2.5.1)
      domain_name (~> 0.5, >= 0.5.1)
      mime-types (~> 1.17, >= 1.17.2)
      net-http-digest_auth (~> 1.1, >= 1.1.1)
      net-http-persistent (~> 2.5, >= 2.5.2)
      nokogiri (~> 1.4)
      ntlm-http (~> 0.1, >= 0.1.1)
      webrobots (~> 0.0, >= 0.0.9)
    mime-types (1.19)
    multi_json (1.3.7)
    multi_xml (0.5.1)
    nessus-xmlrpc (0.5.0)
    net-http-digest_auth (1.2.1)
    net-http-persistent (2.8)
    nmap-parser (0.3.5)
    nokogiri (1.5.5)
    nokogiri (1.5.5-x86-mingw32)
    ntlm-http (0.1.1)
    pdf-writer (1.1.8)
      color (>= 1.4.0)
      transaction-simple (~> 1.3)
    rtf (0.3.3)
    rubyXL (1.2.10)
    ruport (1.6.3)
      fastercsv
      pdf-writer (= 1.1.8)
    transaction-simple (1.4.0.2)
    unf (0.0.5)
      unf_ext
    unf_ext (0.0.5)
    unf_ext (0.0.5-x86-mingw32)
    webrobots (0.0.13)

PLATFORMS
  ruby
  x86-mingw32

DEPENDENCIES
  httparty
  ipaddress
  kramdown
  mechanize
  nessus-xmlrpc
  nmap-parser
  nokogiri
  rtf
  rubyXL
  ruport
